PATH
  remote: .
  specs:
    survivor (0.1.0.alpha)

GEM
  remote: http://rubygems.org/
  specs:

PLATFORMS
  ruby

DEPENDENCIES
  bundler
  survivor!
